GIT
  remote: https://github.com/akicho8/rain_table.git
  revision: 5c1efd010f305836675abcde8d2a8fd51f5aeecb
  specs:
    rain_table (0.2.4)
      activesupport

GIT
  remote: https://github.com/akicho8/tree_support.git
  revision: 5e5bb4a506ddc4144b615244e53de05d27884bf8
  specs:
    tree_support (0.0.28)
      activesupport

GEM
  remote: http://rubygems.org/
  specs:
    activemodel (5.0.1)
      activesupport (= 5.0.1)
    activerecord (5.0.1)
      activemodel (= 5.0.1)
      activesupport (= 5.0.1)
      arel (~> 7.0)
    activesupport (5.0.1)
      concurrent-ruby (~> 1.0, >= 1.0.2)
      i18n (~> 0.7)
      minitest (~> 5.1)
      tzinfo (~> 1.1)
    arel (7.1.4)
    concurrent-ruby (1.0.4)
    i18n (0.8.0)
    minitest (5.10.1)
    mysql2 (0.4.5)
    sqlite3 (1.3.13)
    thread_safe (0.3.5)
    tzinfo (1.2.2)
      thread_safe (~> 0.1)

PLATFORMS
  ruby

DEPENDENCIES
  activerecord
  mysql2 (= 0.4.5)
  rain_table!
  sqlite3
  tree_support (>= 0.0.28)!

BUNDLED WITH
   1.13.7
