GIT
  remote: git://github.com/akicho8/tree_support.git
  revision: 992e15276283f69efbf82c645b0ac0bef3f5d07c
  specs:
    tree_support (0.0.28)
      activesupport

GEM
  remote: http://rubygems.org/
  specs:
    activemodel (5.1.4)
      activesupport (= 5.1.4)
    activerecord (5.1.4)
      activemodel (= 5.1.4)
      activesupport (= 5.1.4)
      arel (~> 8.0)
    activesupport (5.1.4)
      concurrent-ruby (~> 1.0, >= 1.0.2)
      i18n (~> 0.7)
      minitest (~> 5.1)
      tzinfo (~> 1.1)
    arel (8.0.0)
    concurrent-ruby (1.0.5)
    i18n (0.9.1)
      concurrent-ruby (~> 1.0)
    minitest (5.10.3)
    mysql2 (0.4.5)
    org_tp (0.0.12)
      activesupport
    sqlite3 (1.3.13)
    thread_safe (0.3.6)
    tzinfo (1.2.4)
      thread_safe (~> 0.1)

PLATFORMS
  ruby

DEPENDENCIES
  activerecord
  mysql2 (= 0.4.5)
  org_tp
  sqlite3
  tree_support!

BUNDLED WITH
   1.16.0.pre.3
